GEM
  remote: https://rubygems.org/
  specs:
    capistrano (2.15.4)
      highline
      net-scp (>= 1.0.0)
      net-sftp (>= 2.0.0)
      net-ssh (>= 2.0.14)
      net-ssh-gateway (>= 1.1.0)
    clamp (0.6.0)
    colored (1.2)
    highline (1.6.18)
    net-scp (1.1.0)
      net-ssh (>= 2.6.5)
    net-sftp (2.1.1)
      net-ssh (>= 2.6.5)
    net-ssh (2.6.7)
    net-ssh-gateway (1.2.0)
      net-ssh (>= 2.6.5)
    pulsar (0.2.2)
      bundler (~> 1.2)
      clamp (~> 0.5)
      colored (~> 1.2)

PLATFORMS
  ruby

DEPENDENCIES
  capistrano
  pulsar

BUNDLED WITH
   1.13.6
